GEM
  remote: http://rubygems.org/
  specs:
    bluecloth (2.2.0)
    coffee-script (2.4.1)
      coffee-script-source
      execjs
    coffee-script-source (1.9.1.1)
    daemons (1.2.2)
    eventmachine (1.0.7)
    execjs (2.5.2)
    foreman (0.78.0)
      thor (~> 0.19.1)
    haml (4.0.6)
      tilt
    liquid (2.6.2)
    mango (0.9.0)
      bluecloth (~> 2.2, >= 2.2.0)
      bundler (~> 1.6.2)
      coffee-script (~> 2.2, >= 2.2.0)
      foreman (~> 0.63, >= 0.63.0)
      haml (~> 4.0, >= 4.0.4)
      liquid (~> 2.6, >= 2.6.0)
      puma (~> 2.7, >= 2.7.1)
      sass (~> 3.2, >= 3.2.13)
      sinatra (~> 1.4, >= 1.4.5)
      thor (~> 0.18, >= 0.18.1)
    newrelic_rpm (3.11.2.286)
    puma (2.11.2)
      rack (>= 1.1, < 2.0)
    rack (1.6.0)
    rack-protection (1.5.3)
      rack
    sass (3.4.13)
    sinatra (1.4.6)
      rack (~> 1.4)
      rack-protection (~> 1.4)
      tilt (>= 1.3, < 3)
    thin (1.6.3)
      daemons (~> 1.0, >= 1.0.9)
      eventmachine (~> 1.0)
      rack (~> 1.0)
    thor (0.19.1)
    tilt (2.0.1)

PLATFORMS
  ruby

DEPENDENCIES
  foreman
  mango (~> 0.9.0)
  newrelic_rpm
  thin
